GEM
  remote: http://rubygems.org/
  specs:
    haml (3.1.1)
    json (1.6.1)
    mime-types (1.16)
    rack (1.3.5)
    rack-protection (1.1.4)
      rack
    rest-client (1.6.3)
      mime-types (>= 1.16)
    sass (3.1.10)
    sinatra (1.3.1)
      rack (~> 1.3, >= 1.3.4)
      rack-protection (~> 1.1, >= 1.1.2)
      tilt (~> 1.3, >= 1.3.3)
    tilt (1.3.3)

PLATFORMS
  ruby

DEPENDENCIES
  haml
  json
  rest-client
  sass
  sinatra
